GEM
  remote: https://rubygems.org/
  specs:
    domain_name (0.5.20160128)
      unf (>= 0.0.5, < 1.0.0)
    dotenv (0.5.0)
    http-cookie (1.0.2)
      domain_name (~> 0.5)
    json (1.8.3)
    mime-types (2.99)
    netrc (0.11.0)
    rest-client (1.8.0)
      http-cookie (>= 1.0.2, < 2.0)
      mime-types (>= 1.16, < 3.0)
      netrc (~> 0.7)
    stripe (1.36.0)
      json (~> 1.8.1)
      rest-client (~> 1.4)
    unf (0.1.4)
      unf_ext
    unf_ext (0.0.7.2)

PLATFORMS
  ruby

DEPENDENCIES
  dotenv
  stripe

BUNDLED WITH
   1.10.6
